GEM
  remote: https://rubygems.org/
  specs:
    byebug (11.1.3)
    json (2.5.1)

PLATFORMS
  x86_64-darwin-20

DEPENDENCIES
  byebug
  json

BUNDLED WITH
   2.2.3
